GIT
  remote: http://github.com/radamanthus/resque.git
  revision: 4af51639b7c1807eac0ebaf434001c5901c1a5eb
  tag: v1.19.7
  specs:
    resque (1.19.7)
      multi_json (~> 1.0)
      redis-namespace (~> 1.0.2)
      sinatra (>= 0.9.2)
      vegas (~> 0.1.2)

GIT
  remote: http://github.com/ramontayag/redis-retry
  revision: 0004b2ee427f4ea9f6294488dd0592724aa3929d
  specs:
    redis-retry (0.1.0)
      redis

GIT
  remote: https://github.com/3qilabs/awetest-common.git
  revision: 6e7a46d830e28494619c7c3eb0975fbbec78ba75
  branch: release-2.0
  specs:
    awetest-common (1.18.27)
      activesupport (~> 3.0.17)
      i18n
      json
      ohm (= 1.1.0)
      ohm-contrib (= 1.1.0)
      redis-retry (= 0.1.0)
      resque (~> 1.19)

GEM
  remote: http://rubygems.org/
  specs:
    ZenTest (4.8.1)
    abstract (1.0.0)
    actionmailer (3.0.19)
      actionpack (= 3.0.19)
      mail (~> 2.2.19)
    actionpack (3.0.19)
      activemodel (= 3.0.19)
      activesupport (= 3.0.19)
      builder (~> 2.1.2)
      erubis (~> 2.6.6)
      i18n (~> 0.5.0)
      rack (~> 1.2.5)
      rack-mount (~> 0.6.14)
      rack-test (~> 0.5.7)
      tzinfo (~> 0.3.23)
    active_reload (0.6.1)
    activemodel (3.0.19)
      activesupport (= 3.0.19)
      builder (~> 2.1.2)
      i18n (~> 0.5.0)
    activerecord (3.0.19)
      activemodel (= 3.0.19)
      activesupport (= 3.0.19)
      arel (~> 2.0.10)
      tzinfo (~> 0.3.23)
    activeresource (3.0.19)
      activemodel (= 3.0.19)
      activesupport (= 3.0.19)
    activesupport (3.0.19)
    acts_as_versioned (0.6.0)
      activerecord (~> 3.0.0.beta4)
    addressable (2.3.4)
    alm-rest-api (0.0.2)
    andand (1.3.1)
    app (1.0.3)
    ar_fixtures (0.0.4)
      hoe (>= 1.2.1)
    arel (2.0.10)
    authlogic (3.1.0)
      activerecord (>= 3.0.7)
      activerecord (>= 3.0.7)
    backbone-rails (0.9.10)
      rails (>= 3.0.0)
    backports (3.3.0)
    best_in_place (0.2.3)
      rails (>= 3.0.0)
    builder (2.1.2)
    capybara (1.1.2)
      mime-types (>= 1.16)
      nokogiri (>= 1.3.3)
      rack (>= 1.0.0)
      rack-test (>= 0.5.4)
      selenium-webdriver (~> 2.0)
      xpath (~> 0.1.4)
    capybara-firebug (1.3.0)
      capybara (>= 1.0, < 3.0)
    childprocess (0.3.9)
      ffi (~> 1.0, >= 1.0.11)
    choice (0.1.6)
    chronic (0.9.1)
    chunky_png (1.2.8)
    climate_control (0.0.3)
      activesupport (>= 3.0)
    cocaine (0.5.1)
      climate_control (>= 0.0.3, < 1.0)
    coderay (1.0.9)
    columnize (0.3.6)
    commonwatir (1.8.1)
      user-choices
    compass (0.11.5)
      chunky_png (~> 1.2)
      fssm (>= 0.2.7)
      sass (~> 3.1)
    compass-960-plugin (0.10.4)
      compass (>= 0.10.0)
    cucumber (1.2.5)
      builder (>= 2.1.2)
      diff-lcs (>= 1.1.3)
      gherkin (~> 2.11.7)
      multi_json (~> 1.3)
    cucumber-rails (1.3.1)
      capybara (>= 1.1.2)
      cucumber (>= 1.2.0)
      nokogiri (>= 1.5.0)
      rails (~> 3.0)
    daemons (1.1.9)
    database_cleaner (0.9.1)
    declarative_authorization (0.5.4)
    delayed_paperclip (2.4.5.2)
      paperclip (>= 2.4.5)
    diff-lcs (1.2.3)
    draper (0.11.1)
      activesupport (>= 2.3.10)
    ekuseru (0.3.10)
      rails (>= 3.0)
      spreadsheet (>= 0.6)
    email_spec (1.4.0)
      launchy (~> 2.1)
      mail (~> 2.2)
    erubis (2.6.6)
      abstract (>= 1.0.0)
    eventmachine (1.0.3)
    eventmachine (1.0.3-x86-mingw32)
    factory_girl (2.6.4)
      activesupport (>= 2.3.9)
    factory_girl_rails (1.7.0)
      factory_girl (~> 2.6.0)
      railties (>= 3.0.0)
    faker (1.0.1)
      i18n (~> 0.4)
    faraday (0.8.7)
      multipart-post (~> 1.1)
    ffi (1.1.1)
    ffi (1.1.1-x86-mingw32)
    firewatir (1.8.1)
      commonwatir (= 1.8.1)
    formtastic (2.0.2)
      rails (~> 3.0)
    fssm (0.2.10)
    gherkin (2.11.8)
      multi_json (~> 1.3)
    gherkin (2.11.8-x86-mingw32)
      multi_json (~> 1.3)
    google-spreadsheet-ruby (0.1.6)
      nokogiri (>= 1.4.3.1)
      oauth (>= 0.3.6)
      oauth2 (>= 0.5.0)
    haml (3.1.8)
    haml-rails (0.3.4)
      actionpack (~> 3.0)
      activesupport (~> 3.0)
      haml (~> 3.0)
      railties (~> 3.0)
    has_scope (0.5.1)
    hoe (3.6.0)
      rake (>= 0.8, < 11.0)
    httpauth (0.2.0)
    i18n (0.5.0)
    inherited_resources (1.3.1)
      has_scope (~> 0.5.0)
      responders (~> 0.6)
    jasmine (1.3.2)
      jasmine-core (~> 1.3.1)
      rack (~> 1.0)
      rspec (>= 1.3.1)
      selenium-webdriver (>= 0.1.3)
    jasmine-core (1.3.1)
    json (1.6.1)
    jwt (0.1.8)
      multi_json (>= 1.5)
    launchy (2.3.0)
      addressable (~> 2.3)
    linecache (0.46)
      rbx-require-relative (> 0.0.4)
    log4r (1.1.10)
    mail (2.2.19)
      activesupport (>= 2.3.6)
      i18n (>= 0.4.0)
      mime-types (~> 1.16)
      treetop (~> 1.4.8)
    method_source (0.8.1)
    mime-types (1.22)
    minizip (0.0.12)
      activesupport
      thor
    multi_json (1.7.2)
    multi_xml (0.5.3)
    multipart-post (1.2.0)
    mysql2 (0.2.18-x86-mingw32)
    nest (1.1.2)
      redis
    nokogiri (1.5.0)
    nokogiri (1.5.0-x86-mingw32)
    nokogiri-happymapper (0.5.7)
      nokogiri (~> 1.5)
    oauth (0.4.7)
    oauth2 (0.9.1)
      faraday (~> 0.8)
      httpauth (~> 0.1)
      jwt (~> 0.1.4)
      multi_json (~> 1.0)
      multi_xml (~> 0.5)
      rack (~> 1.2)
    ohm (1.1.0)
      nest (~> 1.0)
      redis
      scrivener (~> 0.0.3)
    ohm-contrib (1.1.0)
      ohm (~> 1.1)
    os (0.9.6)
    paperclip (2.8.0)
      activerecord (>= 2.3.0)
      activesupport (>= 2.3.2)
      cocaine (>= 0.0.2)
      mime-types
    parse-cron (0.1.1)
    polyglot (0.3.3)
    pry (0.9.12)
      coderay (~> 1.0.5)
      method_source (~> 0.8)
      slop (~> 3.4)
    pry (0.9.12-x86-mingw32)
      coderay (~> 1.0.5)
      method_source (~> 0.8)
      slop (~> 3.4)
      win32console (~> 1.3)
    rack (1.2.8)
    rack-mount (0.6.14)
      rack (>= 1.0.0)
    rack-test (0.5.7)
      rack (>= 1.0)
    rails (3.0.19)
      actionmailer (= 3.0.19)
      actionpack (= 3.0.19)
      activerecord (= 3.0.19)
      activeresource (= 3.0.19)
      activesupport (= 3.0.19)
      bundler (~> 1.0)
      railties (= 3.0.19)
    rails3_acts_as_paranoid (0.0.9)
      activerecord (~> 3.0)
    railties (3.0.19)
      actionpack (= 3.0.19)
      activesupport (= 3.0.19)
      rake (>= 0.8.7)
      rdoc (~> 3.4)
      thor (~> 0.14.4)
    rake (0.9.2.2)
    random_data (1.5.2)
    rbx-require-relative (0.0.9)
    rdoc (3.11)
      json (~> 1.4)
    redis (2.2.2)
    redis-namespace (1.0.3)
      redis (< 3.0.0)
    render_inheritable (1.0.0)
      rails (~> 3.0)
    require_relative (1.0.3)
    responders (0.6.5)
    roo (1.10.1)
      choice (>= 0.1.4)
      google-spreadsheet-ruby (>= 0.1.5)
      nokogiri (>= 1.5.0)
      rubyzip (>= 0.9.4)
      spreadsheet (> 0.6.4)
      todonotes (>= 0.1.0)
    rspec (2.13.0)
      rspec-core (~> 2.13.0)
      rspec-expectations (~> 2.13.0)
      rspec-mocks (~> 2.13.0)
    rspec-core (2.13.1)
    rspec-expectations (2.13.0)
      diff-lcs (>= 1.1.3, < 2.0)
    rspec-mocks (2.13.1)
    rspec-rails (2.13.0)
      actionpack (>= 3.0)
      activesupport (>= 3.0)
      railties (>= 3.0)
      rspec-core (~> 2.13.0)
      rspec-expectations (~> 2.13.0)
      rspec-mocks (~> 2.13.0)
    ruby-debug (0.10.4)
      columnize (>= 0.1)
      ruby-debug-base (~> 0.10.4.0)
    ruby-debug-base (0.10.4)
      linecache (>= 0.3)
    ruby-ole (1.2.11.6)
    ruby_parser (2.3.1)
      sexp_processor (~> 3.0)
    rubyzip (0.9.5)
    rufus-scheduler (2.0.14)
      tzinfo (>= 0.3.23)
    s4t-utils (1.0.4)
      hoe (>= 1.3.0)
    sane (0.23.5)
      andand
      os
    sass (3.2.7)
    scrivener (0.0.3)
    selenium-client (1.2.18)
    selenium-selenese (1.1.13)
    selenium-webdriver (2.32.1)
      childprocess (>= 0.2.5)
      multi_json (~> 1.0)
      rubyzip
      websocket (~> 1.0.4)
    sexp_processor (3.2.0)
    sinatra (1.2.9)
      backports
      rack (~> 1.1, < 1.5)
      tilt (>= 1.2.2, < 2.0)
    slop (3.4.4)
    spork (0.8.5)
    spreadsheet (0.6.9)
      ruby-ole (>= 1.0)
    steak (2.0.0)
      capybara (>= 1.0.0)
      rspec-rails (>= 2.5.0)
    sys-uname (0.8.5)
    sys-uname (0.8.5-x86-mingw32)
    thin (1.4.1)
      daemons (>= 1.0.9)
      eventmachine (>= 0.12.6)
      rack (>= 1.0.0)
    thor (0.14.6)
    tilt (1.3.7)
    timecop (0.3.5)
    todonotes (0.1.1)
      log4r
    treetop (1.4.12)
      polyglot
      polyglot (>= 0.3.1)
    tzinfo (0.3.37)
    user-choices (1.1.6.1)
      builder (>= 2.1.2)
      s4t-utils (>= 1.0.3)
      xml-simple (>= 1.0.11)
    userstamp (2.0.1)
    vegas (0.1.11)
      rack (>= 1.0.0)
    watir (1.8.1)
      commonwatir (= 1.8.1)
      firewatir (= 1.8.1)
      nokogiri
      win32-process (>= 0.5.5)
      windows-pr (>= 0.6.6)
    websocket (1.0.7)
    wicked_pdf (0.9.5)
      rails
    will_paginate (3.0.2)
    win32-api (1.4.8)
    win32-api (1.4.8-x86-mingw32)
    win32-open3 (0.3.2)
    win32-open3 (0.3.2-x86-mingw32)
    win32-process (0.6.5)
      windows-pr (>= 1.1.2)
    win32console (1.3.2-x86-mingw32)
    windows-api (0.4.2)
      win32-api (>= 1.4.5)
    windows-pr (1.2.2)
      win32-api (>= 1.4.5)
      windows-api (>= 0.3.0)
    xml-simple (1.1.2)
    xpath (0.1.4)
      nokogiri (~> 1.3)

PLATFORMS
  ruby
  x86-mingw32

DEPENDENCIES
  ZenTest (= 4.8.1)
  active_reload
  activerecord-jdbc-adapter (= 1.2.2.1)
  acts_as_versioned (= 0.6.0)
  alm-rest-api
  andand (= 1.3.1)
  app (~> 1.0.3)
  ar_fixtures (= 0.0.4)
  authlogic (= 3.1.0)
  awetest-common!
  backbone-rails
  best_in_place (~> 0.2.0)
  capybara (= 1.1.2)
  capybara-firebug
  chronic
  compass (= 0.11.5)
  compass-960-plugin (= 0.10.4)
  cucumber-rails
  database_cleaner
  declarative_authorization (= 0.5.4)
  delayed_paperclip (= 2.4.5.2)
  draper (~> 0.11.1)
  ekuseru (= 0.3.10)
  email_spec
  eventmachine
  factory_girl_rails (= 1.7.0)
  faker (= 1.0.1)
  ffi (= 1.1.1)
  formtastic (= 2.0.2)
  google-spreadsheet-ruby (= 0.1.6)
  haml
  haml-rails
  inherited_resources (~> 1.3)
  jasmine
  jdbc-mysql (= 5.1.13)
  jruby-jars (= 1.7.0)
  jruby-openssl (= 0.7.7)
  jruby-rack (= 1.1.10)
  launchy
  minizip (= 0.0.12)
  mysql2 (< 0.3)
  nokogiri (= 1.5.0)
  nokogiri-happymapper
  paperclip (= 2.8.0)
  parse-cron (= 0.1.1)
  pry
  rails (= 3.0.19)
  rails3_acts_as_paranoid (= 0.0.9)
  rake (= 0.9.2.2)
  random_data (= 1.5.2)
  rdoc (= 3.11)
  redis-retry!
  render_inheritable (= 1.0.0)
  require_relative
  resque!
  rmagick4j (= 0.3.7)
  roo (= 1.10.1)
  rspec
  rspec-rails
  ruby-debug
  ruby_parser (= 2.3.1)
  rubyzip (= 0.9.5)
  rufus-scheduler (= 2.0.14)
  sane (= 0.23.5)
  selenium-client (= 1.2.18)
  selenium-selenese (= 1.1.13)
  spork (= 0.8.5)
  spreadsheet (= 0.6.9)
  steak
  sys-uname (= 0.8.5)
  thin (= 1.4.1)
  timecop (= 0.3.5)
  userstamp (= 2.0.1)
  warbler (= 1.3.6)
  watir (= 1.8.1)
  wicked_pdf (~> 0.9.0)
  will_paginate (= 3.0.2)
  win32-open3
  win32-process (= 0.6.5)
